PATH
  remote: .
  specs:
    somfy_sdn (2.2.1)
      ccutrer-serialport (~> 1.0)
      curses (~> 1.4)
      mqtt-ccutrer (~> 1.0)
      net-telnet-rfc2217 (~> 1.0)
      thor (~> 1.1)

GEM
  remote: https://rubygems.org/
  specs:
    ast (2.4.2)
    ccutrer-serialport (1.1.0)
      ffi (~> 1.9, >= 1.9.3)
    curses (1.4.4)
    debug (1.9.2)
      irb (~> 1.10)
      reline (>= 0.3.8)
    ffi (1.16.3)
    io-console (0.7.2)
    irb (1.14.1)
      rdoc (>= 4.0.0)
      reline (>= 0.4.2)
    json (2.6.3)
    language_server-protocol (3.17.0.3)
    mqtt-ccutrer (1.0.3)
    net-telnet (0.2.0)
    net-telnet-rfc2217 (1.0.2)
      net-telnet (~> 0.2.0)
    parallel (1.23.0)
    parser (3.2.2.4)
      ast (~> 2.4.1)
      racc
    psych (5.1.2)
      stringio
    racc (1.7.3)
    rainbow (3.1.1)
    rake (13.0.6)
    rdoc (6.7.0)
      psych (>= 4.0.0)
    regexp_parser (2.8.2)
    reline (0.5.10)
      io-console (~> 0.5)
    rexml (3.2.6)
    rubocop (1.57.2)
      json (~> 2.3)
      language_server-protocol (>= 3.17.0)
      parallel (~> 1.10)
      parser (>= 3.2.2.4)
      rainbow (>= 2.2.2, < 4.0)
      regexp_parser (>= 1.8, < 3.0)
      rexml (>= 3.2.5, < 4.0)
      rubocop-ast (>= 1.28.1, < 2.0)
      ruby-progressbar (~> 1.7)
      unicode-display_width (>= 2.4.0, < 3.0)
    rubocop-ast (1.30.0)
      parser (>= 3.2.1.0)
    rubocop-inst (1.0.2)
      rubocop (~> 1.50)
      rubocop-performance (~> 1.17)
    rubocop-performance (1.19.1)
      rubocop (>= 1.7.0, < 2.0)
      rubocop-ast (>= 0.4.0)
    rubocop-rake (0.6.0)
      rubocop (~> 1.0)
    ruby-progressbar (1.13.0)
    stringio (3.1.1)
    thor (1.2.2)
    unicode-display_width (2.5.0)

PLATFORMS
  ruby

DEPENDENCIES
  debug (~> 1.9)
  rake (~> 13.0)
  rubocop-inst (~> 1.0)
  rubocop-rake (~> 0.6)
  somfy_sdn!

BUNDLED WITH
   2.5.6
